PATH
  remote: .
  specs:
    rspec-middlewares (0.0.1)
      rspec (~> 3.0)

GEM
  remote: https://rubygems.org/
  specs:
    diff-lcs (1.3)
    ibsciss-middleware (0.4.1)
    rake (0.9.6)
    rspec (3.5.0)
      rspec-core (~> 3.5.0)
      rspec-expectations (~> 3.5.0)
      rspec-mocks (~> 3.5.0)
    rspec-core (3.5.4)
      rspec-support (~> 3.5.0)
    rspec-expectations (3.5.0)
      diff-lcs (>= 1.2.0, < 2.0)
      rspec-support (~> 3.5.0)
    rspec-mocks (3.5.0)
      diff-lcs (>= 1.2.0, < 2.0)
      rspec-support (~> 3.5.0)
    rspec-support (3.5.0)
    rubygems-tasks (0.2.4)

PLATFORMS
  ruby

DEPENDENCIES
  bundler (~> 1.0)
  ibsciss-middleware
  rake (~> 0.8)
  rspec
  rspec-middlewares!
  rubygems-tasks (~> 0.2)

RUBY VERSION
   ruby 2.3.3p222

BUNDLED WITH
   1.14.4
